PATH
  remote: .
  specs:
    arachni (0.4.1.3)
      arachni-rpc-em (= 0.1.2)
      async_sinatra (>= 0.5.0)
      awesome_print
      bundler (>= 1.0.0)
      data_objects (~> 0.10.8)
      datamapper (~> 1.2.0)
      dm-sqlite-adapter (~> 1.2.0)
      em-synchrony (>= 1.0.0)
      eventmachine (>= 1.0.0.beta.4)
      json
      net-scp (>= 1.0.4)
      net-ssh (>= 2.2.1)
      nokogiri (>= 1.5.0)
      pony
      rb-readline
      sinatra (~> 1.3.2)
      sinatra-contrib (~> 1.3.1)
      sinatra-flash (>= 0.3.0)
      sys-proctable (>= 0.9.1)
      terminal-table (>= 1.4.2)
      thin (>= 1.2.11)
      typhoeus (~> 0.3.3)

GEM
  remote: http://rubygems.org/
  specs:
    addressable (2.2.8)
    arachni-rpc (0.1.2)
    arachni-rpc-em (0.1.2)
      arachni-rpc (= 0.1.2)
      em-synchrony (>= 1.0.0)
      eventmachine (>= 1.0.0.beta.4)
    async_sinatra (1.0.0)
      rack (>= 1.4.1)
      sinatra (>= 1.3.2)
    awesome_print (1.1.0)
    backports (2.6.7)
    bcrypt-ruby (3.0.1)
    daemons (1.1.9)
    data_objects (0.10.11)
      addressable (~> 2.1)
    datamapper (1.2.0)
      dm-aggregates (~> 1.2.0)
      dm-constraints (~> 1.2.0)
      dm-core (~> 1.2.0)
      dm-migrations (~> 1.2.0)
      dm-serializer (~> 1.2.0)
      dm-timestamps (~> 1.2.0)
      dm-transactions (~> 1.2.0)
      dm-types (~> 1.2.0)
      dm-validations (~> 1.2.0)
    diff-lcs (1.1.3)
    dm-aggregates (1.2.0)
      dm-core (~> 1.2.0)
    dm-constraints (1.2.0)
      dm-core (~> 1.2.0)
    dm-core (1.2.0)
      addressable (~> 2.2.6)
    dm-do-adapter (1.2.0)
      data_objects (~> 0.10.6)
      dm-core (~> 1.2.0)
    dm-migrations (1.2.0)
      dm-core (~> 1.2.0)
    dm-serializer (1.2.2)
      dm-core (~> 1.2.0)
      fastercsv (~> 1.5)
      json (~> 1.6)
      json_pure (~> 1.6)
      multi_json (~> 1.0)
    dm-sqlite-adapter (1.2.0)
      dm-do-adapter (~> 1.2.0)
      do_sqlite3 (~> 0.10.6)
    dm-timestamps (1.2.0)
      dm-core (~> 1.2.0)
    dm-transactions (1.2.0)
      dm-core (~> 1.2.0)
    dm-types (1.2.2)
      bcrypt-ruby (~> 3.0)
      dm-core (~> 1.2.0)
      fastercsv (~> 1.5)
      json (~> 1.6)
      multi_json (~> 1.0)
      stringex (~> 1.4)
      uuidtools (~> 2.1)
    dm-validations (1.2.0)
      dm-core (~> 1.2.0)
    do_sqlite3 (0.10.11)
      data_objects (= 0.10.11)
    em-synchrony (1.0.2)
      eventmachine (>= 1.0.0.beta.1)
    eventmachine (1.0.0)
    fastercsv (1.5.5)
    i18n (0.6.1)
    json (1.7.6)
    json_pure (1.7.6)
    mail (2.5.3)
      i18n (>= 0.4.0)
      mime-types (~> 1.16)
      treetop (~> 1.4.8)
    mime-types (1.19)
    multi_json (1.5.0)
    net-scp (1.0.4)
      net-ssh (>= 1.99.1)
    net-ssh (2.6.3)
    nokogiri (1.5.6)
    polyglot (0.3.3)
    pony (1.4)
      mail (> 2.0)
    rack (1.4.4)
    rack-protection (1.3.2)
      rack
    rack-test (0.6.2)
      rack (>= 1.0)
    rake (0.9.2.2)
    rb-readline (0.4.2)
    rspec (2.12.0)
      rspec-core (~> 2.12.0)
      rspec-expectations (~> 2.12.0)
      rspec-mocks (~> 2.12.0)
    rspec-core (2.12.2)
    rspec-expectations (2.12.1)
      diff-lcs (~> 1.1.3)
    rspec-mocks (2.12.1)
    sinatra (1.3.3)
      rack (~> 1.3, >= 1.3.6)
      rack-protection (~> 1.2)
      tilt (~> 1.3, >= 1.3.3)
    sinatra-contrib (1.3.2)
      backports (>= 2.0)
      eventmachine
      rack-protection
      rack-test
      sinatra (~> 1.3.0)
      tilt (~> 1.3)
    sinatra-flash (0.3.0)
      sinatra (>= 1.0.0)
    stringex (1.5.1)
    sys-proctable (0.9.2)
    terminal-table (1.4.5)
    thin (1.5.0)
      daemons (>= 1.0.9)
      eventmachine (>= 0.12.6)
      rack (>= 1.0.0)
    tilt (1.3.3)
    treetop (1.4.12)
      polyglot
      polyglot (>= 0.3.1)
    typhoeus (0.3.3)
      mime-types
    uuidtools (2.1.3)

PLATFORMS
  ruby

DEPENDENCIES
  arachni!
  rake (~> 0.9.2.2)
  rspec (~> 2.8)
